GEM
  remote: https://rubygems.org/
  specs:
    eventmachine (1.0.3)
    faraday (0.9.0)
      multipart-post (>= 1.2, < 3)
    httpclient (2.4.0)
    json (1.8.1)
    multipart-post (2.0.0)
    sshkey (1.6.1)

PLATFORMS
  ruby

DEPENDENCIES
  eventmachine
  faraday
  httpclient
  json
  sshkey
